PATH
  remote: .
  specs:
    app=up (0.0.1)
      activesupport
      fog
      thor

GEM
  remote: https://rubygems.org/
  specs:
    activesupport (3.2.13)
      i18n (= 0.6.1)
      multi_json (~> 1.0)
    builder (3.1.4)
    excon (0.21.0)
    fog (1.8.0)
      builder
      excon (~> 0.14)
      formatador (~> 0.2.0)
      mime-types
      multi_json (~> 1.0)
      net-scp (~> 1.0.4)
      net-ssh (>= 2.1.3)
      nokogiri (~> 1.5.0)
      ruby-hmac
    formatador (0.2.4)
    i18n (0.6.1)
    mime-types (1.23)
    multi_json (1.7.4)
    net-scp (1.0.4)
      net-ssh (>= 1.99.1)
    net-ssh (2.6.2)
    nokogiri (1.5.9)
    ruby-hmac (0.4.0)
    thor (0.18.1)

PLATFORMS
  ruby

DEPENDENCIES
  app=up!
